GEM
  remote: https://rubygems.org/
  specs:
    addressable (2.5.2)
      public_suffix (>= 2.0.2, < 4.0)
    colorator (1.1.0)
    concurrent-ruby (1.0.5)
    exifr (1.3.2)
    extras (0.3.0)
      forwardable-extended (~> 2.5)
    fastimage (2.1.0)
    ffi (1.9.18)
    foreman (0.84.0)
      thor (~> 0.19.1)
    forwardable-extended (2.6.0)
    fspath (3.1.0)
    image_optim (0.25.0)
      exifr (~> 1.2, >= 1.2.2)
      fspath (~> 3.0)
      image_size (~> 1.5)
      in_threads (~> 1.3)
      progress (~> 3.0, >= 3.0.1)
    image_optim_pack (0.5.0.20171001)
      fspath (>= 2.1, < 4)
      image_optim (~> 0.19)
    image_size (1.5.0)
    in_threads (1.4.0)
    jekyll (3.6.0)
      addressable (~> 2.4)
      colorator (~> 1.0)
      jekyll-sass-converter (~> 1.0)
      jekyll-watch (~> 1.1)
      kramdown (~> 1.14)
      liquid (~> 4.0)
      mercenary (~> 0.3.3)
      pathutil (~> 0.9)
      rouge (>= 1.7, < 3)
      safe_yaml (~> 1.0)
    jekyll-assets (2.4.0)
      concurrent-ruby (~> 1.0)
      extras (~> 0.2)
      fastimage (~> 2.0, >= 1.8)
      jekyll (~> 3.1, >= 3.0)
      pathutil (>= 0.8)
      rack (~> 1.6)
      sprockets (~> 3.3, < 3.8)
    jekyll-sass-converter (1.5.0)
      sass (~> 3.4)
    jekyll-watch (1.5.0)
      listen (~> 3.0, < 3.1)
    kramdown (1.15.0)
    liquid (4.0.0)
    listen (3.0.8)
      rb-fsevent (~> 0.9, >= 0.9.4)
      rb-inotify (~> 0.9, >= 0.9.7)
    mercenary (0.3.6)
    pathutil (0.16.0)
      forwardable-extended (~> 2.6)
    progress (3.3.2)
    public_suffix (3.0.0)
    rack (1.6.8)
    rb-fsevent (0.10.2)
    rb-inotify (0.9.10)
      ffi (>= 0.5.0, < 2)
    rouge (2.2.1)
    safe_yaml (1.0.4)
    sass (3.5.2)
      sass-listen (~> 4.0.0)
    sass-listen (4.0.0)
      rb-fsevent (~> 0.9, >= 0.9.4)
      rb-inotify (~> 0.9, >= 0.9.7)
    sprockets (3.7.1)
      concurrent-ruby (~> 1.0)
      rack (> 1, < 3)
    thor (0.19.4)

PLATFORMS
  ruby

DEPENDENCIES
  foreman
  image_optim
  image_optim_pack
  jekyll (= 3.6.0)
  jekyll-assets
  sass

BUNDLED WITH
   1.15.4
